PATH
  remote: .
  specs:
    symlish (0.2.0)

GEM
  remote: https://rubygems.org/
  specs:

PLATFORMS
  ruby
  x86_64-linux

DEPENDENCIES
  symlish!

BUNDLED WITH
   2.6.9
